PATH
  remote: .
  specs:
    uuid (2.3.7)
      macaddr (~> 1.0)

GEM
  remote: https://rubygems.org/
  specs:
    macaddr (1.7.1)
      systemu (~> 2.6.2)
    metaclass (0.0.4)
    mocha (1.2.0)
      metaclass (~> 0.0.1)
    power_assert (0.3.1)
    rake (10.5.0)
    systemu (2.6.5)
    test-unit (3.1.9)
      power_assert
    yard (0.6.8)

PLATFORMS
  ruby

DEPENDENCIES
  mocha (~> 1.2.0)
  rake (~> 10.5.0)
  test-unit (~> 3.1.8)
  uuid!
  yard (~> 0.6.7)

BUNDLED WITH
   1.13.3
