PATH
  remote: .
  specs:
    uuid (2.3.9)
      macaddr (~> 1.0)

GEM
  remote: https://rubygems.org/
  specs:
    macaddr (1.7.1)
      systemu (~> 2.6.2)
    mocha (0.9.12)
    rake (0.8.7)
    systemu (2.6.5)
    yard (0.6.7)

PLATFORMS
  ruby

DEPENDENCIES
  mocha
  rake
  uuid!
  yard
