PATH
  remote: .
  specs:
    uuid (2.3.2)
      macaddr (~> 1.0)

GEM
  remote: http://rubygems.org/
  specs:
    macaddr (1.0.0)
    mocha (0.9.12)
    rake (0.8.7)
    yard (0.6.7)

PLATFORMS
  ruby

DEPENDENCIES
  mocha
  rake
  uuid!
  yard
